PATH
  remote: .
  specs:
    pivotal_git_scripts (1.1.1)

GEM
  remote: http://rubygems.org/
  specs:
    rake (0.9.2.2)

PLATFORMS
  ruby

DEPENDENCIES
  bundler
  pivotal_git_scripts!
  rake
